GIT
  remote: https://github.com/sxross/MotionModel.git
  revision: 9d7cebaf74beb12fe28a1b94aaf2e5fdd59a6ab0
  branch: sql
  specs:
    motion_model (0.4.6)
      bubble-wrap (>= 1.4.0)
      motion-require (>= 0.2.0)
      motion-support (>= 0.2.6)

GEM
  remote: https://rubygems.org/
  specs:
    ProMotion (2.2.1)
      methadone (~> 1.7)
    activesupport (3.2.19)
      i18n (~> 0.6, >= 0.6.4)
      multi_json (~> 1.0)
    bubble-wrap (1.7.1)
      bubble-wrap-http (= 1.7.1)
    bubble-wrap-http (1.7.1)
    claide (0.7.0)
    cocoapods (0.34.4)
      activesupport (>= 3.2.15, < 4)
      claide (~> 0.7.0)
      cocoapods-core (= 0.34.4)
      cocoapods-downloader (~> 0.7.2)
      cocoapods-plugins (~> 0.3.1)
      cocoapods-trunk (~> 0.3.1)
      cocoapods-try (~> 0.4.1)
      colored (~> 1.2)
      escape (~> 0.0.4)
      json_pure (~> 1.8)
      nap (~> 0.8)
      open4 (~> 1.3)
      xcodeproj (~> 0.19.4)
    cocoapods-core (0.34.4)
      activesupport (>= 3.2.15)
      fuzzy_match (~> 2.0.4)
      json_pure (~> 1.8)
      nap (~> 0.8.0)
    cocoapods-downloader (0.7.2)
    cocoapods-plugins (0.3.1)
      nap
    cocoapods-trunk (0.3.1)
      json_pure (~> 1.8)
      nap (>= 0.8)
      netrc (= 0.7.8)
    cocoapods-try (0.4.1)
    colored (1.2)
    dbt (1.1.5)
    escape (0.0.4)
    fuzzy_match (2.0.4)
    i18n (0.7.0)
    json_pure (1.8.1)
    methadone (1.9.0)
      bundler
    motion-cocoapods (1.7.0)
      cocoapods (>= 0.34)
    motion-kit (0.17.0)
      dbt (~> 1.1.5)
    motion-require (0.2.0)
    motion-support (0.2.6)
      motion-require (>= 0.0.6)
    multi_json (1.10.1)
    nap (0.8.0)
    netrc (0.7.8)
    open4 (1.3.4)
    rake (10.4.2)
    sugarcube (3.3.1)
    xcodeproj (0.19.4)
      activesupport (~> 3.0)
      colored (~> 1.2)

PLATFORMS
  ruby

DEPENDENCIES
  ProMotion
  bubble-wrap
  bubble-wrap-http
  motion-cocoapods
  motion-kit
  motion_model!
  rake
  sugarcube
