GIT
  remote: git://github.com/Brian-Egan/ion_in_motion.git
  revision: b5106d730d9cd9f268556a1e53286d1178b48bd8
  specs:
    ion_in_motion (0.2.0)

GIT
  remote: https://github.com/sxross/MotionModel.git
  revision: 9d7cebaf74beb12fe28a1b94aaf2e5fdd59a6ab0
  branch: sql
  specs:
    motion_model (0.4.6)
      bubble-wrap (>= 1.4.0)
      motion-require (>= 0.2.0)
      motion-support (>= 0.2.6)

GEM
  remote: https://rubygems.org/
  specs:
    ProMotion (2.6.0)
      methadone (~> 1.7)
      motion_print (~> 1.0)
    activesupport (5.0.0)
      concurrent-ruby (~> 1.0, >= 1.0.2)
      i18n (~> 0.7)
      minitest (~> 5.1)
      tzinfo (~> 1.1)
    afmotion (2.6)
      motion-cocoapods (>= 1.4.1)
      motion-require (>= 0.1)
    bubble-wrap (1.9.5)
    claide (1.0.0)
    cocoapods (1.0.1)
      activesupport (>= 4.0.2)
      claide (>= 1.0.0, < 2.0)
      cocoapods-core (= 1.0.1)
      cocoapods-deintegrate (>= 1.0.0, < 2.0)
      cocoapods-downloader (>= 1.0.0, < 2.0)
      cocoapods-plugins (>= 1.0.0, < 2.0)
      cocoapods-search (>= 1.0.0, < 2.0)
      cocoapods-stats (>= 1.0.0, < 2.0)
      cocoapods-trunk (>= 1.0.0, < 2.0)
      cocoapods-try (>= 1.0.0, < 2.0)
      colored (~> 1.2)
      escape (~> 0.0.4)
      fourflusher (~> 0.3.0)
      molinillo (~> 0.4.5)
      nap (~> 1.0)
      xcodeproj (>= 1.1.0, < 2.0)
    cocoapods-core (1.0.1)
      activesupport (>= 4.0.2)
      fuzzy_match (~> 2.0.4)
      nap (~> 1.0)
    cocoapods-deintegrate (1.0.0)
    cocoapods-downloader (1.1.0)
    cocoapods-plugins (1.0.0)
      nap
    cocoapods-search (1.0.0)
    cocoapods-stats (1.0.0)
    cocoapods-trunk (1.0.0)
      nap (>= 0.8, < 2.0)
      netrc (= 0.7.8)
    cocoapods-try (1.1.0)
    codependency (2.0.0)
    colored (1.2)
    concurrent-ruby (1.0.2)
    dbt (1.2.0)
    escape (0.0.4)
    fourflusher (0.3.2)
    fuzzy_match (2.0.4)
    i18n (0.7.0)
    linkify-it-rb (1.1.1.0)
      uc.micro-rb (~> 1.0)
    map-kit-wrapper (0.0.5)
      codependency (= 2.0.0)
      rake
    mdurl-rb (1.0.0.3)
    methadone (1.9.2)
      bundler
    minitest (5.9.0)
    molinillo (0.4.5)
    motion-cocoapods (1.8.0)
      cocoapods (>= 1.0.0)
    motion-kit (1.0.0)
      dbt (~> 1.1, >= 1.1.5)
    motion-markdown-it (4.2.2.0)
      linkify-it-rb (~> 1.0)
      mdurl-rb (~> 1.0)
      uc.micro-rb (~> 1.0)
    motion-require (0.2.0)
    motion-support (1.1.0)
      motion-require (>= 0.0.6)
    motion_print (1.2.0)
    nap (1.1.0)
    netrc (0.7.8)
    rake (10.5.0)
    sugarcube (3.3.7)
    thread_safe (0.3.5)
    tzinfo (1.2.2)
      thread_safe (~> 0.1)
    uc.micro-rb (1.0.0)
    xcodeproj (1.2.0)
      activesupport (>= 3)
      claide (>= 1.0.0, < 2.0)
      colored (~> 1.2)

PLATFORMS
  ruby

DEPENDENCIES
  ProMotion
  afmotion
  bubble-wrap (~> 1.9.5)
  ion_in_motion!
  map-kit-wrapper
  motion-cocoapods (~> 1.8.0)
  motion-kit
  motion-markdown-it
  motion_model!
  rake (~> 10.4)
  sugarcube

BUNDLED WITH
   1.12.5
