GIT
  remote: git://github.com/Brian-Egan/ion_in_motion.git
  revision: d60abdaea1a1f8cea9d2567aa2205c2c51ea43f7
  specs:
    ion_in_motion (0.0.5)

GIT
  remote: https://github.com/sxross/MotionModel.git
  revision: 9d7cebaf74beb12fe28a1b94aaf2e5fdd59a6ab0
  branch: sql
  specs:
    motion_model (0.4.6)
      bubble-wrap (>= 1.4.0)
      motion-require (>= 0.2.0)
      motion-support (>= 0.2.6)

GEM
  remote: https://rubygems.org/
  specs:
    ProMotion (2.3.0)
      methadone (~> 1.7)
    activesupport (4.2.1)
      i18n (~> 0.7)
      json (~> 1.7, >= 1.7.7)
      minitest (~> 5.1)
      thread_safe (~> 0.3, >= 0.3.4)
      tzinfo (~> 1.1)
    afmotion (2.5)
      motion-cocoapods (>= 1.4.1)
      motion-require (>= 0.1)
    bubble-wrap (1.9.5)
    claide (0.8.1)
    cocoapods (0.36.4)
      activesupport (>= 3.2.15)
      claide (~> 0.8.1)
      cocoapods-core (= 0.36.4)
      cocoapods-downloader (~> 0.9.0)
      cocoapods-plugins (~> 0.4.1)
      cocoapods-trunk (~> 0.6.0)
      cocoapods-try (~> 0.4.3)
      colored (~> 1.2)
      escape (~> 0.0.4)
      molinillo (~> 0.2.1)
      nap (~> 0.8)
      open4 (~> 1.3)
      xcodeproj (~> 0.23.1)
    cocoapods-core (0.36.4)
      activesupport (>= 3.2.15)
      fuzzy_match (~> 2.0.4)
      nap (~> 0.8.0)
    cocoapods-downloader (0.9.0)
    cocoapods-plugins (0.4.2)
      nap
    cocoapods-trunk (0.6.0)
      nap (>= 0.8)
      netrc (= 0.7.8)
    cocoapods-try (0.4.3)
    codependency (2.0.0)
    colored (1.2)
    dbt (1.1.5)
    escape (0.0.4)
    fuzzy_match (2.0.4)
    i18n (0.7.0)
    json (1.8.3)
    linkify-it-rb (1.1.1.0)
      uc.micro-rb (~> 1.0)
    map-kit-wrapper (0.0.5)
      codependency (= 2.0.0)
      rake
    mdurl-rb (1.0.0.3)
    methadone (1.9.0)
      bundler
    minitest (5.6.0)
    molinillo (0.2.3)
    motion-cocoapods (1.7.0)
      cocoapods (>= 0.34)
    motion-kit (0.17.0)
      dbt (~> 1.1.5)
    motion-markdown-it (4.2.2.0)
      linkify-it-rb (~> 1.0)
      mdurl-rb (~> 1.0)
      uc.micro-rb (~> 1.0)
    motion-require (0.2.0)
    motion-support (0.2.6)
      motion-require (>= 0.0.6)
    nap (0.8.0)
    netrc (0.7.8)
    open4 (1.3.4)
    rake (10.4.2)
    sugarcube (3.3.4)
    thread_safe (0.3.5)
    tzinfo (1.2.2)
      thread_safe (~> 0.1)
    uc.micro-rb (1.0.0)
    xcodeproj (0.23.1)
      activesupport (>= 3)
      colored (~> 1.2)

PLATFORMS
  ruby

DEPENDENCIES
  ProMotion
  afmotion
  bubble-wrap (~> 1.9.5)
  ion_in_motion!
  map-kit-wrapper
  motion-cocoapods
  motion-kit
  motion-markdown-it
  motion_model!
  rake (~> 10.4)
  sugarcube

BUNDLED WITH
   1.12.5
